GEM
  remote: https://rubygems.org/
  specs:
<<<<<<< HEAD
    httparty (0.17.3)
      mime-types (~> 3.0)
      multi_xml (>= 0.5.2)
    mime-types (3.3)
      mime-types-data (~> 3.2015)
    mime-types-data (3.2019.1009)
=======
    httparty (0.13.7)
      multi_xml (>= 0.5.2)
>>>>>>> 09106f2e766882c42914895de20874b984ddd70d
    multi_xml (0.6.0)
    mustermann (1.0.3)
    rack (2.0.7)
    rack-protection (2.0.7)
      rack
    sinatra (2.0.7)
      mustermann (~> 1.0)
      rack (~> 2.0)
      rack-protection (= 2.0.7)
      tilt (~> 2.0)
    tilt (2.0.10)

PLATFORMS
  x64-mingw32
  x86-mingw32

DEPENDENCIES
<<<<<<< HEAD
  httparty (~> 0.17.3)!
=======
  httparty (~> 0.13.7)!
>>>>>>> 09106f2e766882c42914895de20874b984ddd70d
  sinatra!

BUNDLED WITH
   2.1.0
