GEM
  remote: https://rubygems.org/
  specs:
    httparty (0.13.7)
      multi_xml (>= 0.5.2)
    multi_xml (0.6.0)
    mustermann (1.0.3)
    rack (2.0.7)
    rack-protection (2.0.7)
      rack
    sinatra (2.0.7)
      mustermann (~> 1.0)
      rack (~> 2.0)
      rack-protection (= 2.0.7)
      tilt (~> 2.0)
    tilt (2.0.10)

PLATFORMS
  x64-mingw32
  x86-mingw32

DEPENDENCIES
  httparty (~> 0.13.7)!
  sinatra!

BUNDLED WITH
   2.1.0
